GEM
  remote: https://rubygems.org/
  specs:
    activesupport (4.2.4)
      i18n (~> 0.7)
      json (~> 1.7, >= 1.7.7)
      minitest (~> 5.1)
      thread_safe (~> 0.3, >= 0.3.4)
      tzinfo (~> 1.1)
    bson (3.2.4)
    bson_ext (1.5.1)
    business_time (0.7.4)
      activesupport (>= 3.1.0)
      tzinfo
    configatron (4.5.0)
    diff-lcs (1.2.5)
    email (0.1.0)
      public_suffix
    excelinator (1.3.0)
      spreadsheet (= 0.6.8)
    i18n (0.7.0)
    json (1.8.3)
    mail (2.6.3)
      mime-types (>= 1.16, < 3)
    mime-types (2.6.2)
    minitest (5.8.0)
    mongo (2.1.0)
      bson (~> 3.0)
    public_suffix (1.5.1)
    rspec-core (3.3.2)
      rspec-support (~> 3.3.0)
    rspec-expectations (3.3.1)
      diff-lcs (>= 1.2.0, < 2.0)
      rspec-support (~> 3.3.0)
    rspec-support (3.3.0)
    ruby-ole (1.2.11.8)
    spreadsheet (0.6.8)
      ruby-ole (>= 1.0)
    thread_safe (0.3.5)
    time_diff (0.3.0)
      activesupport
      i18n
    tzinfo (1.2.2)
      thread_safe (~> 0.1)

PLATFORMS
  ruby

DEPENDENCIES
  bson
  bson_ext
  business_time
  configatron
  email
  excelinator
  mail
  mongo (~> 2.1.0)
  rspec-core
  rspec-expectations
  time_diff
