GEM
  remote: https://rubygems.org/
  specs:
    activesupport (4.2.3)
      i18n (~> 0.7)
      json (~> 1.7, >= 1.7.7)
      minitest (~> 5.1)
      thread_safe (~> 0.3, >= 0.3.4)
      tzinfo (~> 1.1)
    backports (3.6.5)
    bson (3.2.0)
    business_time (0.7.4)
      activesupport (>= 3.1.0)
      tzinfo
    configatron (4.5.0)
    daemons (1.2.3)
    diff-lcs (1.2.5)
    erubis (2.7.0)
    eventmachine (1.0.7)
    ffi (1.9.10)
    gcm (0.1.0)
      httparty
      json
    httparty (0.13.5)
      json (~> 1.8)
      multi_xml (>= 0.5.2)
    i18n (0.7.0)
    json (1.8.3)
    minitest (5.7.0)
    mongo (2.0.6)
      bson (~> 3.0)
    multi_json (1.11.2)
    multi_xml (0.5.5)
    rack (1.6.4)
    rack-protection (1.5.3)
      rack
    rack-test (0.6.3)
      rack (>= 1.0)
    rspec-core (3.3.2)
      rspec-support (~> 3.3.0)
    rspec-expectations (3.3.1)
      diff-lcs (>= 1.2.0, < 2.0)
      rspec-support (~> 3.3.0)
    rspec-support (3.3.0)
    sinatra (1.4.6)
      rack (~> 1.4)
      rack-protection (~> 1.4)
      tilt (>= 1.3, < 3)
    sinatra-contrib (1.4.6)
      backports (>= 2.0)
      multi_json
      rack-protection
      rack-test
      sinatra (~> 1.4.0)
      tilt (>= 1.3, < 3)
    thin (1.6.3)
      daemons (~> 1.0, >= 1.0.9)
      eventmachine (~> 1.0)
      rack (~> 1.0)
    thin_service (0.0.7)
    thread_safe (0.3.5)
    tilt (1.4.1)
    time_diff (0.3.0)
      activesupport
      i18n
    tiny (0.2.7)
      erubis
      tilt
    tzinfo (1.2.2)
      thread_safe (~> 0.1)
    win32-process (0.8.0)
      ffi (>= 1.0.0)

PLATFORMS
  ruby

DEPENDENCIES
  business_time
  configatron
  gcm
  mongo (~> 2.0.6)
  rspec-core
  rspec-expectations
  sinatra (~> 1.4.5)
  sinatra-contrib
  thin
  thin_service
  tilt (~> 1.4.1)
  time_diff
  tiny
  win32-process
